PATH
  remote: .
  specs:
    rubill (0.2.1)
      json (~> 0)
      rest-client (~> 0)

GEM
  remote: https://rubygems.org/
  specs:
    diff-lcs (1.2.5)
    json (0.4.3)
    rake (10.3.1)
    rest-client (0.9.2)
    rspec (3.1.0)
      rspec-core (~> 3.1.0)
      rspec-expectations (~> 3.1.0)
      rspec-mocks (~> 3.1.0)
    rspec-core (3.1.5)
      rspec-support (~> 3.1.0)
    rspec-expectations (3.1.2)
      diff-lcs (>= 1.2.0, < 2.0)
      rspec-support (~> 3.1.0)
    rspec-mocks (3.1.2)
      rspec-support (~> 3.1.0)
    rspec-support (3.1.1)

PLATFORMS
  ruby

DEPENDENCIES
  rake (~> 10.3)
  rspec (~> 3.1)
  rubill!

BUNDLED WITH
   1.14.6
